GEM
  specs:
    wirble (0.1.3)

PLATFORMS
  ruby

DEPENDENCIES
  wirble (~> 0.1.3)
